GEM
  remote: https://rubygems.org/
  specs:
    passenger (5.0.26)
      rack
      rake (>= 0.8.1)
    rack (1.6.4)
    rack-protection (1.5.3)
      rack
    rake (11.1.2)
    sinatra (1.4.7)
      rack (~> 1.5)
      rack-protection (~> 1.4)
      tilt (>= 1.3, < 3)
    tilt (2.0.2)

PLATFORMS
  ruby

DEPENDENCIES
  passenger (~> 5.0.25)
  rake
  sinatra

BUNDLED WITH
   1.12.4
