GEM
  remote: https://rubygems.org/
  specs:
    passenger (5.0.30)
      rack
      rake (>= 0.8.1)
    rack (1.6.11)
    rack-protection (1.5.3)
      rack
    rake (12.0.0)
    sinatra (1.4.8)
      rack (~> 1.5)
      rack-protection (~> 1.4)
      tilt (>= 1.3, < 3)
    tilt (2.0.6)

PLATFORMS
  ruby

DEPENDENCIES
  passenger (~> 5.0.25)
  sinatra

BUNDLED WITH
   1.14.0
